GEM
  remote: http://rubygems.org/
  specs:
    addressable (2.2.6)
    css_parser (1.2.5)
      addressable
    hpricot (0.8.5)
    htmlentities (4.3.1)
    json (1.6.4)
    premailer (1.7.3)
      css_parser (>= 1.1.9)
      htmlentities (>= 4.0.0)
    rack (1.4.0)
    rack-protection (1.2.0)
      rack
    sinatra (1.3.2)
      rack (~> 1.3, >= 1.3.6)
      rack-protection (~> 1.2)
      tilt (~> 1.3, >= 1.3.3)
    tilt (1.3.3)

PLATFORMS
  ruby

DEPENDENCIES
  hpricot
  json
  premailer
  sinatra
