GIT
  remote: git://github.com/cakemail/premailer.git
  revision: 263781d68c9a392752b8835b3b67900e2f194054
  branch: feature/remove_script_tags
  specs:
    premailer (1.7.4a)
      css_parser (>= 1.1.9)
      htmlentities (>= 4.0.0)

GEM
  remote: http://rubygems.org/
  specs:
    addressable (2.2.6)
    css_parser (1.2.6)
      addressable
      rdoc
    hpricot (0.8.5)
    htmlentities (4.3.1)
    json (1.6.4)
    rack (1.4.0)
    rack-protection (1.2.0)
      rack
    rdoc (3.12)
      json (~> 1.4)
    sinatra (1.3.2)
      rack (~> 1.3, >= 1.3.6)
      rack-protection (~> 1.2)
      tilt (~> 1.3, >= 1.3.3)
    tilt (1.3.3)

PLATFORMS
  ruby

DEPENDENCIES
  hpricot
  json
  premailer (~> 1.7.4a)!
  sinatra
