GIT
  remote: git://github.com/cakemail/premailer.git
  revision: 88dee342f1e7f92628e801651dd162f2047d201c
  branch: 1.10
  specs:
    premailer (1.10.3)
      css_parser (>= 1.3.5)
      htmlentities (>= 4.0.0, <= 4.3.1)

GEM
  remote: https://rubygems.org/
  specs:
    addressable (2.3.6)
    css_parser (1.3.5)
      addressable
    hpricot (0.8.6)
    htmlentities (4.3.1)
    json (1.8.1)
    logger (1.2.8)
    rack (1.5.2)
    rack-protection (1.5.3)
      rack
    sinatra (1.4.5)
      rack (~> 1.4)
      rack-protection (~> 1.4)
      tilt (~> 1.3, >= 1.3.4)
    syslog-logger (1.6.8)
    tilt (1.4.1)

PLATFORMS
  ruby

DEPENDENCIES
  hpricot
  json
  logger
  premailer (~> 1.10.3)!
  sinatra
  syslog-logger
