GIT
  remote: git://github.com/cakemail/premailer.git
  revision: 54055c47b93f527471ec407a4f7db9b356721b2b
  branch: 1.9
  specs:
    premailer (1.9.1)
      css_parser (>= 1.3.5)
      htmlentities (>= 4.0.0, <= 4.3.1)

GEM
  remote: http://rubygems.org/
  specs:
    addressable (2.3.6)
    css_parser (1.3.5)
      addressable
    hpricot (0.8.6)
    htmlentities (4.3.1)
    json (1.8.1)
    rack (1.5.2)
    rack-protection (1.5.3)
      rack
    sinatra (1.4.5)
      rack (~> 1.4)
      rack-protection (~> 1.4)
      tilt (~> 1.3, >= 1.3.4)
    tilt (1.4.1)

PLATFORMS
  ruby

DEPENDENCIES
  hpricot
  json
  premailer (~> 1.9.1)!
  sinatra
